GIT
  remote: git://github.com/hrysd/washbullet.git
  revision: 661a952f5476c9fa1ee1c40f35744037535934bf
  branch: support-channel
  specs:
    washbullet (0.3.1)
      faraday (~> 0.9.0)
      mime-types

GEM
  remote: https://rubygems.org/
  specs:
    faraday (0.9.1)
      multipart-post (>= 1.2, < 3)
    foreman (0.78.0)
      thor (~> 0.19.1)
    mime-types (2.5)
    multipart-post (2.0.0)
    rack (1.6.0)
    rack-protection (1.5.3)
      rack
    sinatra (1.4.6)
      rack (~> 1.4)
      rack-protection (~> 1.4)
      tilt (>= 1.3, < 3)
    thor (0.19.1)
    tilt (2.0.1)

PLATFORMS
  ruby

DEPENDENCIES
  foreman
  sinatra
  washbullet!
